GEM
  remote: https://rubygems.org/
  specs:
    activemodel (5.0.1)
      activesupport (= 5.0.1)
    activerecord (5.0.1)
      activemodel (= 5.0.1)
      activesupport (= 5.0.1)
      arel (~> 7.0)
    activesupport (5.0.1)
      concurrent-ruby (~> 1.0, >= 1.0.2)
      i18n (~> 0.7)
      minitest (~> 5.1)
      tzinfo (~> 1.1)
    addressable (2.5.0)
      public_suffix (~> 2.0, >= 2.0.2)
    arel (7.1.4)
    coderay (1.1.1)
    concurrent-ruby (1.0.4)
    fetcher (0.4.5)
      logutils (>= 0.6)
    gli (2.14.0)
    i18n (0.7.0)
    kramdown (1.13.2)
    launchy (2.4.3)
      addressable (~> 2.3)
    liquid (4.0.0)
    logutils (0.6.1)
    minitest (5.10.1)
    pakman (0.7.0)
      fetcher (>= 0.4.5)
      liquid (>= 3.0.6)
      logutils (>= 0.6.1)
    plist (3.2.0)
    props (1.1.2)
    public_suffix (2.0.5)
    rake (12.0.0)
    rubyzip (1.2.0)
    slideshow (3.1.0)
      gli (>= 2.13.4)
      slideshow-models (>= 3.1.0)
      slideshow-templates (>= 3.0.0)
    slideshow-models (3.3.0)
      activesupport
      kramdown (>= 1.10.0)
      logutils (>= 0.6.1)
      pakman (>= 0.7.0)
      props (>= 1.1.2)
      textutils (>= 0.10.0)
    slideshow-templates (3.0.0)
    textpow (1.4.0)
      plist (>= 3.0.1)
    textutils (1.4.0)
      activesupport
      logutils (>= 0.6.1)
      props (>= 1.1.2)
      rubyzip (>= 1.0.0)
    thread_safe (0.3.5)
    tzinfo (1.2.2)
      thread_safe (~> 0.1)
    ultraviolet (1.0.1)
      textpow (>= 1.3.0)

PLATFORMS
  ruby

DEPENDENCIES
  activerecord
  coderay
  launchy
  rake
  slideshow
  ultraviolet

BUNDLED WITH
   1.13.7
